PATH
  remote: .
  specs:
    niki (0.2.1)
      unimidi

GEM
  remote: http://rubygems.org/
  specs:
    ffi (1.1.5)
    ffi-coremidi (0.1.8)
      ffi (>= 1.0)
    rake (0.9.2.2)
    unimidi (0.3.3)
      ffi-coremidi

PLATFORMS
  ruby

DEPENDENCIES
  niki!
  rake
